GEM
  remote: https://rubygems.org/
  specs:
    BlueCloth (1.0.1)
    GraphvizR (0.5.1)
      hoe (>= 1.2.0)
    actionmailer (2.3.15)
      actionpack (= 2.3.15)
    actionpack (2.3.15)
      activesupport (= 2.3.15)
      rack (~> 1.1.3)
    activerecord (2.3.15)
      activesupport (= 2.3.15)
    activeresource (2.3.15)
      activesupport (= 2.3.15)
    activesupport (2.3.15)
    bson (1.8.1)
    bson_ext (1.8.1)
      bson (~> 1.8.1)
    builder (3.1.4)
    chunky_png (1.2.7)
    cocaine (0.4.2)
    compass (0.11.7)
      chunky_png (~> 1.2)
      fssm (>= 0.2.7)
      sass (~> 3.1)
    diff-lcs (1.1.3)
    fssm (0.2.9)
    hoe (3.4.0)
      rake (>= 0.8, < 11.0)
    hoptoad_notifier (2.4.11)
      activesupport
      builder
    jnunemaker-validatable (1.8.4)
      activesupport (>= 2.3.4)
    mime-types (1.19)
    mongo (1.8.1)
      bson (~> 1.8.1)
    mongo_mapper (0.8.6)
      activesupport (>= 2.3.4)
      jnunemaker-validatable (~> 1.8.4)
      plucky (~> 0.3.6)
    newrelic_rpm (3.5.5.38)
    paperclip (2.8.0)
      activerecord (>= 2.3.0)
      activesupport (>= 2.3.2)
      cocaine (>= 0.0.2)
      mime-types
    plucky (0.3.8)
      mongo (~> 1.3)
    postgres-pr (0.6.3)
    rack (1.1.4)
    rails (2.3.15)
      actionmailer (= 2.3.15)
      actionpack (= 2.3.15)
      activerecord (= 2.3.15)
      activeresource (= 2.3.15)
      activesupport (= 2.3.15)
      rake (>= 0.8.3)
    rake (10.0.3)
    rmagick (2.13.1)
    sass (3.2.5)
    validates_email (0.0.2)
    will_paginate (2.3.16)
    zip (2.0.2)

PLATFORMS
  ruby

DEPENDENCIES
  BlueCloth
  GraphvizR
  bson_ext
  builder
  compass (= 0.11.7)
  diff-lcs
  hoptoad_notifier
  mongo_mapper (= 0.8.6)
  newrelic_rpm
  paperclip
  plucky (= 0.3.8)
  postgres-pr
  rack
  rails (~> 2.3.15)
  rmagick
  validates_email
  will_paginate (~> 2.3.11)
  zip
