GEM
  remote: https://rubygems.org/
  specs:
    BlueCloth (1.0.1)
    GraphvizR (0.5.1)
      hoe (>= 1.2.0)
    actionmailer (2.3.17)
      actionpack (= 2.3.17)
    actionpack (2.3.17)
      activesupport (= 2.3.17)
      rack (~> 1.1.0)
    activerecord (2.3.17)
      activesupport (= 2.3.17)
    activeresource (2.3.17)
      activesupport (= 2.3.17)
    activesupport (2.3.17)
    bson (1.8.2)
    bson_ext (1.8.2)
      bson (~> 1.8.2)
    builder (3.1.4)
    capybara (1.1.1)
      mime-types (>= 1.16)
      nokogiri (>= 1.3.3)
      rack (>= 1.0.0)
      rack-test (>= 0.5.4)
      selenium-webdriver (~> 2.0)
      xpath (~> 0.1.4)
    childprocess (0.3.8)
      ffi (~> 1.0, >= 1.0.11)
    chunky_png (1.2.7)
    cocaine (0.4.2)
    coderay (1.0.8)
    compass (0.11.7)
      chunky_png (~> 1.2)
      fssm (>= 0.2.7)
      sass (~> 3.1)
    cucumber (1.1.0)
      builder (>= 2.1.2)
      diff-lcs (>= 1.1.2)
      gherkin (~> 2.5.0)
      json (>= 1.4.6)
      term-ansicolor (>= 1.0.6)
    cucumber-rails (0.3.2)
      cucumber (>= 0.8.0)
    database_cleaner (0.9.1)
    diff-lcs (1.2.1)
    factory_girl (2.6.4)
      activesupport (>= 2.3.9)
    ffi (1.3.1)
    fssm (0.2.10)
    gherkin (2.5.4)
      json (>= 1.4.6)
    hoe (3.5.0)
      rake (>= 0.8, < 11.0)
    hoptoad_notifier (2.4.11)
      activesupport
      builder
    jnunemaker-validatable (1.8.4)
      activesupport (>= 2.3.4)
    json (1.7.7)
    method_source (0.8.1)
    mime-types (1.21)
    mongo (1.8.2)
      bson (~> 1.8.2)
    mongo_mapper (0.8.6)
      activesupport (>= 2.3.4)
      jnunemaker-validatable (~> 1.8.4)
      plucky (~> 0.3.6)
    multi_json (1.6.0)
    newrelic_rpm (3.5.5.38)
    nokogiri (1.5.6)
    paperclip (2.8.0)
      activerecord (>= 2.3.0)
      activesupport (>= 2.3.2)
      cocaine (>= 0.0.2)
      mime-types
    plucky (0.3.8)
      mongo (~> 1.3)
    postgres-pr (0.6.3)
    pry (0.9.12)
      coderay (~> 1.0.5)
      method_source (~> 0.8)
      slop (~> 3.4)
    pry-nav (0.2.3)
      pry (~> 0.9.10)
    pry-remote (0.1.6)
      pry (~> 0.9)
      slop (~> 3.0)
    rack (1.1.6)
    rack-test (0.6.2)
      rack (>= 1.0)
    rails (2.3.17)
      actionmailer (= 2.3.17)
      actionpack (= 2.3.17)
      activerecord (= 2.3.17)
      activeresource (= 2.3.17)
      activesupport (= 2.3.17)
      rake (>= 0.8.3)
    rake (10.0.3)
    rmagick (2.13.2)
    rubyzip (0.9.9)
    sass (3.2.5)
    selenium-webdriver (2.29.0)
      childprocess (>= 0.2.5)
      multi_json (~> 1.0)
      rubyzip
      websocket (~> 1.0.4)
    shoulda (2.11.3)
    slop (3.4.3)
    term-ansicolor (1.0.7)
    validates_email (0.0.2)
    websocket (1.0.7)
    will_paginate (2.3.16)
    xpath (0.1.4)
      nokogiri (~> 1.3)
    zippy (0.2.1)
      rubyzip (>= 0.9.1)

PLATFORMS
  ruby

DEPENDENCIES
  BlueCloth
  GraphvizR
  bson_ext
  builder
  capybara (= 1.1.1)
  compass (= 0.11.7)
  cucumber (= 1.1.0)
  cucumber-rails (= 0.3.2)
  database_cleaner
  diff-lcs
  factory_girl
  hoptoad_notifier
  mongo_mapper (= 0.8.6)
  newrelic_rpm
  paperclip
  plucky (= 0.3.8)
  postgres-pr
  pry
  pry-nav
  pry-remote
  rack
  rails (~> 2.3.17)
  rmagick
  shoulda (= 2.11.3)
  validates_email
  will_paginate (~> 2.3.11)
  zippy
