GEM
  remote: https://rubygems.org/
  specs:
    BlueCloth (1.0.1)
    GraphvizR (0.5.1)
      hoe (>= 1.2.0)
    actionmailer (2.3.18)
      actionpack (= 2.3.18)
    actionpack (2.3.18)
      activesupport (= 2.3.18)
      rack (~> 1.1.0)
    activerecord (2.3.18)
      activesupport (= 2.3.18)
    activeresource (2.3.18)
      activesupport (= 2.3.18)
    activesupport (2.3.18)
    bson (1.8.4)
    bson_ext (1.8.4)
      bson (~> 1.8.4)
    builder (3.2.0)
    capistrano (2.14.2)
      highline
      net-scp (>= 1.0.0)
      net-sftp (>= 2.0.0)
      net-ssh (>= 2.0.14)
      net-ssh-gateway (>= 1.1.0)
    capybara (0.3.7)
      culerity (>= 0.2.4)
      mime-types (>= 1.16)
      nokogiri (>= 1.3.3)
      rack (>= 1.0.0)
      rack-test (>= 0.5.2)
      selenium-webdriver (>= 0.0.3)
    childprocess (0.3.9)
      ffi (~> 1.0, >= 1.0.11)
    chunky_png (1.2.8)
    cocaine (0.4.2)
    coderay (1.0.9)
    compass (0.11.7)
      chunky_png (~> 1.2)
      fssm (>= 0.2.7)
      sass (~> 3.1)
    cucumber (1.1.0)
      builder (>= 2.1.2)
      diff-lcs (>= 1.1.2)
      gherkin (~> 2.5.0)
      json (>= 1.4.6)
      term-ansicolor (>= 1.0.6)
    cucumber-rails (0.3.2)
      cucumber (>= 0.8.0)
    culerity (0.2.15)
    database_cleaner (0.9.1)
    diff-lcs (1.2.2)
    factory_girl (2.6.4)
      activesupport (>= 2.3.9)
    ffi (1.6.0)
    formatador (0.2.4)
    fssm (0.2.10)
    fuubar-legacy (0.0.3)
      progressbar (~> 0.11)
      rspec (~> 1.3)
      rspec-instafail (~> 0.1.4)
    gherkin (2.5.4)
      json (>= 1.4.6)
    guard (1.7.0)
      formatador (>= 0.2.4)
      listen (>= 0.6.0)
      lumberjack (>= 1.0.2)
      pry (>= 0.9.10)
      thor (>= 0.14.6)
    guard-rspec (1.2.1)
      guard (>= 1.1)
    highline (1.6.16)
    hoe (3.5.2)
      rake (>= 0.8, < 11.0)
    hoptoad_notifier (2.4.11)
      activesupport
      builder
    jnunemaker-validatable (1.8.4)
      activesupport (>= 2.3.4)
    json (1.7.7)
    listen (0.7.3)
    lumberjack (1.0.3)
    method_source (0.8.1)
    mime-types (1.22)
    mongo (1.8.4)
      bson (~> 1.8.4)
    mongo_mapper (0.8.6)
      activesupport (>= 2.3.4)
      jnunemaker-validatable (~> 1.8.4)
      plucky (~> 0.3.6)
    multi_json (1.7.2)
    net-scp (1.1.0)
      net-ssh (>= 2.6.5)
    net-sftp (2.1.1)
      net-ssh (>= 2.6.5)
    net-ssh (2.6.6)
    net-ssh-gateway (1.2.0)
      net-ssh (>= 2.6.5)
    newrelic_rpm (3.6.0.78)
    nokogiri (1.5.9)
    paperclip (2.8.0)
      activerecord (>= 2.3.0)
      activesupport (>= 2.3.2)
      cocaine (>= 0.0.2)
      mime-types
    pg (0.15.0)
    plucky (0.3.8)
      mongo (~> 1.3)
    progressbar (0.20.0)
    pry (0.9.12)
      coderay (~> 1.0.5)
      method_source (~> 0.8)
      slop (~> 3.4)
    pry-nav (0.2.3)
      pry (~> 0.9.10)
    pry-remote (0.1.7)
      pry (~> 0.9)
      slop (~> 3.0)
    rack (1.1.6)
    rack-test (0.6.2)
      rack (>= 1.0)
    rails (2.3.18)
      actionmailer (= 2.3.18)
      actionpack (= 2.3.18)
      activerecord (= 2.3.18)
      activeresource (= 2.3.18)
      activesupport (= 2.3.18)
      rake (>= 0.8.3)
    rake (10.0.4)
    rb-fsevent (0.9.3)
    rmagick (2.13.2)
    rspec (1.3.2)
    rspec-instafail (0.1.9)
    rspec-rails (1.3.4)
      rack (>= 1.0.0)
      rspec (~> 1.3.1)
    rubyzip (0.9.9)
    sass (3.2.7)
    selenium-webdriver (2.31.0)
      childprocess (>= 0.2.5)
      multi_json (~> 1.0)
      rubyzip
      websocket (~> 1.0.4)
    shoulda (3.0.1)
      shoulda-context (~> 1.0.0)
      shoulda-matchers (~> 1.0.0)
    shoulda-context (1.0.2)
    shoulda-matchers (1.0.0)
    slop (3.4.4)
    term-ansicolor (1.1.4)
    thor (0.18.1)
    validates_email (0.0.2)
    watir-webdriver (0.6.2)
      selenium-webdriver (>= 2.18.0)
    websocket (1.0.7)
    will_paginate (2.3.16)
    zippy (0.2.1)
      rubyzip (>= 0.9.1)

PLATFORMS
  ruby

DEPENDENCIES
  BlueCloth
  GraphvizR
  bson_ext
  builder
  capistrano
  capybara (= 0.3.7)
  compass (= 0.11.7)
  cucumber (= 1.1.0)
  cucumber-rails (= 0.3.2)
  database_cleaner
  diff-lcs
  factory_girl
  fuubar-legacy
  guard
  guard-rspec (~> 1.2)
  hoptoad_notifier
  mongo_mapper (= 0.8.6)
  newrelic_rpm
  paperclip
  pg
  plucky (= 0.3.8)
  pry
  pry-nav
  pry-remote
  rack
  rails (~> 2.3.17)
  rb-fsevent (~> 0.9)
  rmagick
  rspec-rails (~> 1.3.2)
  shoulda
  validates_email
  watir-webdriver
  will_paginate (~> 2.3.11)
  zippy
