GEM
  remote: https://rubygems.org/
  specs:
    BlueCloth (1.0.1)
    GraphvizR (0.5.1)
      hoe (>= 1.2.0)
    actionmailer (2.3.15)
      actionpack (= 2.3.15)
    actionpack (2.3.15)
      activesupport (= 2.3.15)
      rack (~> 1.1.3)
    activerecord (2.3.15)
      activesupport (= 2.3.15)
    activeresource (2.3.15)
      activesupport (= 2.3.15)
    activesupport (2.3.15)
    addressable (2.3.2)
    bson (1.8.1)
    bson_ext (1.8.1)
      bson (~> 1.8.1)
    builder (3.1.4)
    capybara (2.0.2)
      mime-types (>= 1.16)
      nokogiri (>= 1.3.3)
      rack (>= 1.0.0)
      rack-test (>= 0.5.4)
      selenium-webdriver (~> 2.0)
      xpath (~> 1.0.0)
    childprocess (0.3.6)
      ffi (~> 1.0, >= 1.0.6)
    chunky_png (1.2.7)
    cocaine (0.4.2)
    compass (0.11.7)
      chunky_png (~> 1.2)
      fssm (>= 0.2.7)
      sass (~> 3.1)
    cucumber (1.2.1)
      builder (>= 2.1.2)
      diff-lcs (>= 1.1.3)
      gherkin (~> 2.11.0)
      json (>= 1.4.6)
    cucumber-rails (1.3.0)
      capybara (>= 1.1.2)
      cucumber (>= 1.1.8)
      nokogiri (>= 1.5.0)
    database_cleaner (0.9.1)
    diff-lcs (1.1.3)
    ffi (1.3.1)
    fssm (0.2.9)
    gherkin (2.11.5)
      json (>= 1.4.6)
    hoe (3.4.0)
      rake (>= 0.8, < 11.0)
    hoptoad_notifier (2.4.11)
      activesupport
      builder
    jnunemaker-validatable (1.8.4)
      activesupport (>= 2.3.4)
    json (1.7.6)
    libwebsocket (0.1.7.1)
      addressable
      websocket
    mime-types (1.19)
    mongo (1.8.1)
      bson (~> 1.8.1)
    mongo_mapper (0.8.6)
      activesupport (>= 2.3.4)
      jnunemaker-validatable (~> 1.8.4)
      plucky (~> 0.3.6)
    multi_json (1.5.0)
    newrelic_rpm (3.5.5.38)
    nokogiri (1.5.6)
    paperclip (2.8.0)
      activerecord (>= 2.3.0)
      activesupport (>= 2.3.2)
      cocaine (>= 0.0.2)
      mime-types
    plucky (0.3.8)
      mongo (~> 1.3)
    postgres-pr (0.6.3)
    rack (1.1.4)
    rack-test (0.6.2)
      rack (>= 1.0)
    rails (2.3.15)
      actionmailer (= 2.3.15)
      actionpack (= 2.3.15)
      activerecord (= 2.3.15)
      activeresource (= 2.3.15)
      activesupport (= 2.3.15)
      rake (>= 0.8.3)
    rake (10.0.3)
    rmagick (2.13.1)
    rspec (2.12.0)
      rspec-core (~> 2.12.0)
      rspec-expectations (~> 2.12.0)
      rspec-mocks (~> 2.12.0)
    rspec-core (2.12.2)
    rspec-expectations (2.12.1)
      diff-lcs (~> 1.1.3)
    rspec-mocks (2.12.1)
    rubyzip (0.9.9)
    sass (3.2.5)
    selenium-webdriver (2.27.2)
      childprocess (>= 0.2.5)
      libwebsocket (~> 0.1.3)
      multi_json (~> 1.0)
      rubyzip
    validates_email (0.0.2)
    watir-webdriver (0.6.2)
      selenium-webdriver (>= 2.18.0)
    websocket (1.0.6)
    will_paginate (2.3.16)
    xpath (1.0.0)
      nokogiri (~> 1.3)
    zip (2.0.2)

PLATFORMS
  ruby

DEPENDENCIES
  BlueCloth
  GraphvizR
  bson_ext
  builder
  capybara
  compass (= 0.11.7)
  cucumber
  cucumber-rails
  database_cleaner
  diff-lcs
  hoptoad_notifier
  mongo_mapper (= 0.8.6)
  newrelic_rpm
  paperclip
  plucky (= 0.3.8)
  postgres-pr
  rack
  rails (~> 2.3.15)
  rmagick
  rspec
  validates_email
  watir-webdriver
  will_paginate (~> 2.3.11)
  zip
